GEM
  remote: https://rubygems.org/
  specs:
    awesome_spawn (1.1.1)
    blankblank (0.0.13)
    charlock_holmes (0.7.6)
    crass (1.0.4)
    diff-lcs (1.3)
    easymon (1.4)
      redis
    gemojione (3.3.0)
      json
    github-markup (1.7.0)
    gitlab-grit (2.8.2)
      charlock_holmes (~> 0.6)
      diff-lcs (~> 1.1)
      mime-types (>= 1.16)
      posix-spawn (~> 0.3)
    gollum (4.0.0)
      gollum-lib (~> 4.0, >= 4.0.1)
      kramdown (~> 1.6.0)
      mustache (>= 0.99.5, < 1.0.0)
      sinatra (~> 1.4, >= 1.4.4)
      useragent (~> 0.10.0)
    gollum-grit_adapter (1.0.1)
      gitlab-grit (~> 2.7, >= 2.7.1)
    gollum-lib (4.2.10)
      gemojione (~> 3.2)
      github-markup (~> 1.6)
      gollum-grit_adapter (~> 1.0)
      nokogiri (>= 1.6.1, < 2.0)
      rouge (~> 2.1)
      sanitize (~> 2.1.1, >= 2.1.1)
      stringex (~> 2.6)
      twitter-text (= 1.14.7)
    json (2.2.0)
    kramdown (1.6.0)
    loofah (2.2.3)
      crass (~> 1.0.2)
      nokogiri (>= 1.5.9)
    mime-types (3.2.2)
      mime-types-data (~> 3.2015)
    mime-types-data (3.2019.0331)
    mini_portile2 (2.8.1)
    mustache (0.99.8)
    nokogiri (1.14.3)
      mini_portile2 (~> 2.8.0)
      racc (~> 1.4)
    posix-spawn (0.3.13)
    racc (1.6.2)
    rack (1.6.11)
    rack-protection (1.5.5)
      rack
    redis (4.1.0)
    rouge (2.2.1)
    sanitize (2.1.1)
      nokogiri (>= 1.4.4)
    sinatra (1.4.8)
      rack (~> 1.5)
      rack-protection (~> 1.4)
      tilt (>= 1.3, < 3)
    stringex (2.8.5)
    tilt (2.0.9)
    twitter-text (1.14.7)
      unf (~> 0.1.0)
    unf (0.1.4)
      unf_ext
    unf_ext (0.0.7.6)
    useragent (0.10.0)

PLATFORMS
  ruby

DEPENDENCIES
  awesome_spawn (~> 1.1.0)
  blankblank
  easymon (< 1.4.1)
  gollum (< 4.0.1)
  loofah (= 2.2.3)

BUNDLED WITH
   1.16.2
