GEM
  remote: https://rubygems.org/
  specs:
    awesome_spawn (1.1.1)
    blankblank (0.0.13)
    crass (1.0.4)
    easymon (1.4)
      redis
    loofah (2.2.3)
      crass (~> 1.0.2)
      nokogiri (>= 1.5.9)
    mini_portile2 (2.4.0)
    mustermann (1.0.3)
    nokogiri (1.10.3)
      mini_portile2 (~> 2.4.0)
    rack (2.0.7)
    rack-protection (2.0.5)
      rack
    redis (4.1.0)
    sinatra (2.0.5)
      mustermann (~> 1.0)
      rack (~> 2.0)
      rack-protection (= 2.0.5)
      tilt (~> 2.0)
    tilt (2.0.9)

PLATFORMS
  ruby

DEPENDENCIES
  awesome_spawn (~> 1.1.0)
  blankblank
  easymon (< 1.4.1)
  loofah (= 2.2.3)
  sinatra

BUNDLED WITH
   1.16.2
