GEM
  remote: https://rubygems.org/
  specs:
    blankblank (0.0.13)

PLATFORMS
  ruby

DEPENDENCIES
  blankblank

BUNDLED WITH
   1.16.2
